GIT
  remote: git://github.com/jnicklas/carrierwave.git
  revision: aaa61ee91f23e0e6ee80d7869ee84de745d0966b
  specs:
    carrierwave (0.6.2)
      activemodel (>= 3.2.0)
      activesupport (>= 3.2.0)

GIT
  remote: git://github.com/rstacruz/sinatra-assetpack.git
  revision: 1aa835c164f53ffda2a8c6f589a04c4eb92859cf
  specs:
    sinatra-assetpack (0.0.11)
      jsmin
      rack-test
      sinatra
      tilt (>= 1.3.0)

GIT
  remote: https://github.com/mauriciozaffari/mongoid_search.git
  revision: e493a9e5b8a0e5d7d989ff4be7693920822335c5
  specs:
    mongoid_search (0.2.7)
      bson_ext (>= 1.2)
      fast-stemmer (~> 1.0.0)
      mongoid (>= 2.0.0)

GEM
  remote: http://rubygems.org/
  specs:
    POpen4 (0.1.4)
      Platform (>= 0.4.0)
      open4
    Platform (0.4.0)
    activemodel (3.2.3)
      activesupport (= 3.2.3)
      builder (~> 3.0.0)
    activesupport (3.2.3)
      i18n (~> 0.6)
      multi_json (~> 1.0)
    addressable (2.2.7)
    bcrypt-ruby (3.0.1)
    bson (1.5.2)
    bson_ext (1.5.2)
      bson (= 1.5.2)
    builder (3.0.0)
    carrierwave-mongoid (0.2.0)
      carrierwave (~> 0.6.1)
      mongoid (~> 2.1)
    coderay (1.0.6)
    crack (0.3.1)
    erubis (2.7.0)
    fast-stemmer (1.0.1)
    foreman (0.41.0)
      thor (>= 0.13.6)
    hashie (1.2.0)
    i18n (0.6.0)
    jsmin (1.0.1)
    json (1.6.5)
    mini_magick (3.4)
      subexec (~> 0.2.1)
    minitest (2.7.0)
    mongo (1.5.2)
      bson (= 1.5.2)
    mongoid (2.4.8)
      activemodel (~> 3.1)
      mongo (~> 1.3)
      tzinfo (~> 0.3.22)
    mongoid-pagination (0.1.0)
      mongoid
    mongoid-tree (0.7.0)
      mongoid (~> 2.0)
    mongoid_slug (0.10.0)
      mongoid (~> 2.0)
      stringex (~> 1.3)
    multi_json (1.0.4)
    open4 (1.3.0)
    puma (0.9.3)
      rack (~> 1.2)
    rack (1.4.1)
    rack-protection (1.2.0)
      rack
    rack-test (0.6.1)
      rack (>= 1.0)
    rake (0.9.2.2)
    rb-fsevent (0.9.1)
    redcarpet (2.1.1)
    redis (2.2.2)
    redis-namespace (1.0.3)
      redis (< 3.0.0)
    resque (1.19.0)
      multi_json (~> 1.0)
      redis-namespace (~> 1.0.2)
      sinatra (>= 0.9.2)
      vegas (~> 0.1.2)
    resque-scheduler (2.0.0.h)
      redis (>= 2.0.1)
      resque (>= 1.19.0)
      rufus-scheduler
    rufus-scheduler (2.0.16)
      tzinfo (>= 0.3.23)
    sass (3.1.18)
    shotgun (0.9)
      rack (>= 1.0)
    simplecov (0.5.4)
      multi_json (~> 1.0.3)
      simplecov-html (~> 0.5.3)
    simplecov-html (0.5.3)
    sinatra (1.3.2)
      rack (~> 1.3, >= 1.3.6)
      rack-protection (~> 1.2)
      tilt (~> 1.3, >= 1.3.3)
    sinatra-flash (0.3.0)
      sinatra (>= 1.0.0)
    sinatra-support (1.2.0)
      sinatra (>= 1.0)
    stringex (1.3.2)
    subexec (0.2.1)
    thor (0.14.6)
    tilt (1.3.3)
    tzinfo (0.3.33)
    vegas (0.1.11)
      rack (>= 1.0.0)
    webmock (1.7.7)
      addressable (~> 2.2, > 2.2.5)
      crack (>= 0.1.7)
    yui-compressor (0.9.6)
      POpen4 (>= 0.1.4)

PLATFORMS
  ruby

DEPENDENCIES
  bcrypt-ruby
  bson_ext (~> 1.5.2)
  carrierwave!
  carrierwave-mongoid
  coderay (~> 1.0.6)
  erubis (= 2.7.0)
  foreman (~> 0.41.0)
  hashie (= 1.2.0)
  json
  mini_magick (~> 3.4)
  minitest (= 2.7.0)
  mongoid (~> 2.4.8)
  mongoid-pagination (~> 0.1.0)
  mongoid-tree
  mongoid_search!
  mongoid_slug
  puma
  rack-test (= 0.6.1)
  rake
  rb-fsevent (~> 0.9.1)
  redcarpet (~> 2.1.1)
  redis (~> 2.2.2)
  resque (~> 1.19.0)
  resque-scheduler (~> 2.0.0.e)
  sass (~> 3.1.18)
  shotgun
  simplecov (= 0.5.4)
  sinatra (= 1.3.2)
  sinatra-assetpack!
  sinatra-flash (= 0.3.0)
  sinatra-support (= 1.2.0)
  webmock (= 1.7.7)
  yui-compressor
